GEM
  remote: https://rubygems.org/
  specs:
    ebnf (0.3.5)
      rdf
      sxp
    json-ld (1.1.1)
      rdf (>= 1.0.8)
    rack (1.5.2)
    rack-protection (1.5.1)
      rack
    rdf (1.1.2.1)
    rdf-turtle (1.1.2)
      ebnf (>= 0.3.5)
      rdf (>= 1.1.1.1)
    rdfa (0.0.8)
    sass (3.2.13)
    sinatra (1.4.4)
      rack (~> 1.4)
      rack-protection (~> 1.4)
      tilt (~> 1.3, >= 1.3.4)
    sxp (0.1.5)
    tilt (1.4.1)

PLATFORMS
  ruby

DEPENDENCIES
  json-ld
  rdf
  rdf-turtle
  rdfa
  sass
  sinatra
